GEM
  remote: http://rubygems.org/
  specs:
    addressable (2.2.6)
    dm-core (0.10.2)
      addressable (~> 2.1)
      extlib (~> 0.9.14)
    extlib (0.9.15)
    hoe (2.9.6)
      rake (~> 0.8)
    rake (0.9.2)
    rspec (1.3.1)

PLATFORMS
  ruby

DEPENDENCIES
  dm-core (= 0.10.2)
  hoe (= 2.9.6)
  rake (= 0.9.2)
  rspec (= 1.3.1)
