GEM
  remote: http://rubygems.org/
  specs:
    addressable (2.2.6)
    allison (2.0.3)
    dm-core (0.10.2)
      addressable (~> 2.1)
      extlib (~> 0.9.14)
    echoe (4.6.1)
      allison (>= 2.0.3)
      gemcutter (>= 0.7.0)
      rake (>= 0.9.2)
      rdoc (>= 3.6.1)
      rubyforge (>= 2.0.4)
    extlib (0.9.15)
    gemcutter (0.7.0)
    json (1.5.4)
    json_pure (1.5.3)
    rake (0.9.2)
    rdoc (3.11)
      json (~> 1.4)
    rspec (1.3.1)
    rubyforge (2.0.4)
      json_pure (>= 1.1.7)

PLATFORMS
  ruby

DEPENDENCIES
  dm-core (= 0.10.2)
  echoe
  rspec (= 1.3.1)
